GEM
  remote: https://rubygems.org/
  specs:
    bigdecimal (3.1.8)
    coderay (1.1.3)
    concurrent-ruby (1.3.3)
    csv (3.3.0)
    diff-lcs (1.5.1)
    httparty (0.22.0)
      csv
      mini_mime (>= 1.0.0)
      multi_xml (>= 0.5.2)
    method_source (1.1.0)
    mini_mime (1.1.5)
    multi_xml (0.7.1)
      bigdecimal (~> 3.1)
    pry (0.14.2)
      coderay (~> 1.1)
      method_source (~> 1.0)
    rspec (3.13.0)
      rspec-core (~> 3.13.0)
      rspec-expectations (~> 3.13.0)
      rspec-mocks (~> 3.13.0)
    rspec-core (3.13.0)
      rspec-support (~> 3.13.0)
    rspec-expectations (3.13.1)
      diff-lcs (>= 1.2.0, < 2.0)
      rspec-support (~> 3.13.0)
    rspec-mocks (3.13.1)
      diff-lcs (>= 1.2.0, < 2.0)
      rspec-support (~> 3.13.0)
    rspec-support (3.13.1)
    tzinfo (2.0.6)
      concurrent-ruby (~> 1.0)

PLATFORMS
  arm64-darwin-23
  ruby

DEPENDENCIES
  httparty
  pry
  rspec
  tzinfo

BUNDLED WITH
   2.5.7
